GIT
  remote: git://github.com/kernow/jasmine-ruby.git
  revision: 7a15a6f
  submodules: true
  specs:
    jasmine (0.4.6)
      json (>= 1.1.9)
      rack (>= 1.0.0)
      rspec (>= 1.1.5)
      selenium-client (>= 1.2.17)
      selenium-rc (>= 2.1.0)
      thin (>= 1.2.4)

GEM
  remote: http://rubygems.org/
  specs:
    daemons (1.1.0)
    eventmachine (0.12.10)
    json (1.4.3)
    lsof (0.3.0)
    mime-types (1.16)
    net-ssh (2.0.23)
    net-ssh-gateway (1.0.1)
      net-ssh (>= 1.99.1)
    rack (1.2.1)
    rake (0.8.7)
    rest-client (1.5.1)
      mime-types (>= 1.16)
    rspec (1.3.0)
    saucelabs-adapter (0.8.12)
      lsof (>= 0.3.0)
      net-ssh (>= 2.0.12)
      net-ssh-gateway (>= 1.0.1)
      rest-client (>= 1.2.0)
      selenium-client (>= 1.2.17)
    selenium-client (1.2.18)
    selenium-rc (2.2.4)
      selenium-client (>= 1.2.18)
    sprockets (1.0.2)
    thin (1.2.7)
      daemons (>= 1.0.9)
      eventmachine (>= 0.12.6)
      rack (>= 1.0.0)

PLATFORMS
  ruby

DEPENDENCIES
  jasmine (= 0.4.6)!
  rake
  saucelabs-adapter
  sprockets
